GEM
  remote: http://rubygems.org/
  remote: http://gemcutter.org/
  specs:
    RedCloth (4.2.7)
    actionmailer (2.3.11)
      actionpack (= 2.3.11)
    actionpack (2.3.11)
      activesupport (= 2.3.11)
      rack (~> 1.1.0)
    active-fedora (2.3.3)
      activeresource
      equivalent-xml
      facets
      mediashelf-loggable
      mime-types (>= 1.16)
      multipart-post
      nokogiri
      om (>= 1.0)
      solr-ruby (>= 0.0.6)
      solrizer (> 1.0.0)
      xml-simple (>= 1.0.12)
    activerecord (2.3.11)
      activesupport (= 2.3.11)
    activeresource (2.3.11)
      activesupport (= 2.3.11)
    activesupport (2.3.11)
    authlogic (2.1.6)
      activesupport
    block_helpers (0.3.3)
      activesupport (>= 2.0)
    builder (3.0.0)
    columnize (0.3.2)
    crack (0.1.8)
    cucumber (0.10.2)
      builder (>= 2.1.2)
      diff-lcs (>= 1.1.2)
      gherkin (>= 2.3.5)
      json (>= 1.4.6)
      term-ansicolor (>= 1.0.5)
    cucumber-rails (0.3.2)
      cucumber (>= 0.8.0)
    curb (0.7.15)
    daemons (1.1.4)
    database_cleaner (0.6.7)
    diff-lcs (1.1.2)
    equivalent-xml (0.2.7)
      nokogiri (>= 1.4.3)
    facets (2.8.4)
    gherkin (2.3.7)
      json (>= 1.4.6)
    haml (3.1.1)
    httparty (0.7.7)
      crack (= 0.1.8)
    jettywrapper (0.0.3)
    json (1.5.1)
    json_pure (1.5.1)
    linecache (0.43)
    marc (0.4.2)
    mediashelf-loggable (0.4.2)
    mime-types (1.16)
    mocha (0.9.12)
    multipart-post (1.1.2)
    nokogiri (1.4.4)
    om (1.2.5)
      nokogiri (>= 1.4.2)
    rack (1.1.2)
    rack-test (0.6.0)
      rack (>= 1.0)
    rails (2.3.11)
      actionmailer (= 2.3.11)
      actionpack (= 2.3.11)
      activerecord (= 2.3.11)
      activeresource (= 2.3.11)
      activesupport (= 2.3.11)
      rake (>= 0.8.3)
    rake (0.8.7)
    rcov (0.9.9)
    rest-client (1.6.3)
      mime-types (>= 1.16)
    rsolr (0.12.1)
      builder (>= 2.1.2)
    rsolr-ext (0.12.1)
      rsolr (>= 0.12.1)
    rspec (1.3.2)
    rspec-rails (1.3.4)
      rack (>= 1.0.0)
      rspec (~> 1.3.1)
    ruby-debug (0.10.4)
      columnize (>= 0.1)
      ruby-debug-base (~> 0.10.4.0)
    ruby-debug-base (0.10.4)
      linecache (>= 0.3)
    rubytree (0.8.1)
    solr-ruby (0.0.8)
    solrizer (1.0.4)
      daemons
      mediashelf-loggable
      mediashelf-loggable
      nokogiri
      nokogiri
      nokogiri
      om
      om (>= 1.0.0)
      stomp
      xml-simple
    solrizer-fedora (1.0.3)
      active-fedora (>= 2.0.0)
      rsolr
      solrizer (>= 1.0.0)
    sqlite3-ruby (1.2.5)
    stomp (1.1.9)
    term-ansicolor (1.0.5)
    trollop (1.16.2)
    webrat (0.7.3)
      nokogiri (>= 1.2.0)
      rack (>= 1.0)
      rack-test (>= 0.5.3)
    will_paginate (2.3.15)
    xml-simple (1.1.0)
    yard (0.6.8)

PLATFORMS
  ruby

DEPENDENCIES
  RedCloth (= 4.2.7)
  active-fedora (>= 2.3.3)
  authlogic (>= 0.1.0)
  block_helpers
  builder
  columnize
  crack
  cucumber (>= 0.8.5)
  cucumber-rails (~> 0.3.2)
  curb
  database_cleaner
  diff-lcs
  facets (= 2.8.4)
  gherkin
  haml
  httparty
  jettywrapper
  json_pure (> 1.4.3)
  linecache
  marc
  mime-types
  mocha
  multipart-post
  nokogiri (= 1.4.4)
  om (>= 1.0.1)
  rack
  rack-test
  rails (= 2.3.11)
  rake
  rcov
  rest-client
  rsolr (= 0.12.1)
  rsolr-ext (= 0.12.1)
  rspec (< 2.0.0)
  rspec-rails (< 2.0.0)
  ruby-debug
  ruby-debug-base
  rubytree
  solr-ruby
  solrizer (>= 1.0.1)
  solrizer-fedora (>= 1.0.1)
  sqlite3-ruby (= 1.2.5)
  stomp
  term-ansicolor
  trollop
  webrat
  will_paginate
  xml-simple
  yard
