GEM
  remote: http://rubygems.org/
  remote: http://gemcutter.org/
  specs:
    RedCloth (4.2.2)
    actionmailer (2.3.5)
      actionpack (= 2.3.5)
    actionpack (2.3.5)
      activesupport (= 2.3.5)
      rack (~> 1.0.0)
    active-fedora (2.0.4)
      active-fedora
      activeresource
      equivalent-xml
      mediashelf-loggable
      mime-types (>= 1.16)
      multipart-post
      nokogiri
      om (>= 1.0)
      solr-ruby (>= 0.0.6)
      solrizer (> 1.0.0)
      xml-simple (>= 1.0.12)
    activerecord (2.3.5)
      activesupport (= 2.3.5)
    activeresource (2.3.5)
      activesupport (= 2.3.5)
    activesupport (2.3.5)
    authlogic (2.1.6)
      activesupport
    block_helpers (0.3.3)
      activesupport (>= 2.0)
    builder (3.0.0)
    columnize (0.3.2)
    crack (0.1.8)
    cucumber (0.10.0)
      builder (>= 2.1.2)
      diff-lcs (~> 1.1.2)
      gherkin (~> 2.3.2)
      json (~> 1.4.6)
      term-ansicolor (~> 1.0.5)
    cucumber-rails (0.3.2)
      cucumber (>= 0.8.0)
    curb (0.7.12)
    database_cleaner (0.6.5)
    diff-lcs (1.1.2)
    equivalent-xml (0.1.6)
      nokogiri
    facets (2.8.4)
    gherkin (2.3.4)
      json (~> 1.4.6)
    haml (3.0.25)
    httparty (0.7.4)
      crack (= 0.1.8)
    json (1.4.6)
    json_pure (1.5.1)
    linecache (0.43)
    marc (0.4.1)
    mediashelf-loggable (0.4.1)
    mime-types (1.16)
    mocha (0.9.12)
    multipart-post (1.1.0)
    nokogiri (1.4.3.1)
    om (1.1.1)
      facets
      facets
      nokogiri
      nokogiri (>= 1.4.2)
    rack (1.0.1)
    rack-test (0.5.7)
      rack (>= 1.0)
    rails (2.3.5)
      actionmailer (= 2.3.5)
      actionpack (= 2.3.5)
      activerecord (= 2.3.5)
      activeresource (= 2.3.5)
      activesupport (= 2.3.5)
      rake (>= 0.8.3)
    rake (0.8.7)
    rcov (0.9.9)
    rsolr (0.12.1)
      builder (>= 2.1.2)
    rsolr-ext (0.12.1)
      rsolr (>= 0.12.1)
    rspec (1.3.1)
    rspec-rails (1.3.3)
      rack (>= 1.0.0)
      rspec (= 1.3.1)
    ruby-debug (0.10.4)
      columnize (>= 0.1)
      ruby-debug-base (~> 0.10.4.0)
    ruby-debug-base (0.10.4)
      linecache (>= 0.3)
    solr-ruby (0.0.8)
    solrizer (1.0.1)
      mediashelf-loggable
      mediashelf-loggable
      nokogiri
      nokogiri
      nokogiri
      om
      om (>= 1.0.0)
      xml-simple
    solrizer-fedora (1.0.1)
      active-fedora (>= 2.0.0)
      rsolr
      solrizer (>= 1.0.0)
    sqlite3-ruby (1.2.5)
    term-ansicolor (1.0.5)
    trollop (1.16.2)
    webrat (0.7.3)
      nokogiri (>= 1.2.0)
      rack (>= 1.0)
      rack-test (>= 0.5.3)
    will_paginate (2.3.15)
    xml-simple (1.0.14)
    yard (0.6.5)

PLATFORMS
  ruby

DEPENDENCIES
  RedCloth (= 4.2.2)
  active-fedora (>= 2.0.0)
  authlogic (>= 0.1.0)
  block_helpers
  builder
  columnize
  crack
  cucumber (>= 0.8.5)
  cucumber-rails
  curb
  database_cleaner
  diff-lcs
  facets (= 2.8.4)
  gherkin
  haml
  httparty
  json_pure (> 1.4.3)
  linecache
  marc
  mime-types
  mocha
  multipart-post
  nokogiri (= 1.4.3.1)
  om (>= 1.0.1)
  rack
  rack-test
  rails (= 2.3.5)
  rake
  rcov
  rsolr (= 0.12.1)
  rsolr-ext (= 0.12.1)
  rspec (< 2.0.0)
  rspec-rails (< 2.0.0)
  ruby-debug
  ruby-debug-base
  solr-ruby
  solrizer (>= 1.0.1)
  solrizer-fedora (>= 1.0.1)
  sqlite3-ruby (= 1.2.5)
  term-ansicolor
  trollop
  webrat
  will_paginate
  xml-simple
  yard
